GEM
  remote: https://rubygems.org/
  specs:
    actioncable (5.2.1)
      actionpack (= 5.2.1)
      nio4r (~> 2.0)
      websocket-driver (>= 0.6.1)
    actionmailer (5.2.1)
      actionpack (= 5.2.1)
      actionview (= 5.2.1)
      activejob (= 5.2.1)
      mail (~> 2.5, >= 2.5.4)
      rails-dom-testing (~> 2.0)
    actionpack (5.2.1)
      actionview (= 5.2.1)
      activesupport (= 5.2.1)
      rack (~> 2.0)
      rack-test (>= 0.6.3)
      rails-dom-testing (~> 2.0)
      rails-html-sanitizer (~> 1.0, >= 1.0.2)
    actionview (5.2.1)
      activesupport (= 5.2.1)
      builder (~> 3.1)
      erubi (~> 1.4)
      rails-dom-testing (~> 2.0)
      rails-html-sanitizer (~> 1.0, >= 1.0.3)
    activejob (5.2.1)
      activesupport (= 5.2.1)
      globalid (>= 0.3.6)
    activemodel (5.2.1)
      activesupport (= 5.2.1)
    activerecord (5.2.1)
      activemodel (= 5.2.1)
      activesupport (= 5.2.1)
      arel (>= 9.0)
    activestorage (5.2.1)
      actionpack (= 5.2.1)
      activerecord (= 5.2.1)
      marcel (~> 0.3.1)
    activesupport (5.2.1)
      concurrent-ruby (~> 1.0, >= 1.0.2)
      i18n (>= 0.7, < 2)
      minitest (~> 5.1)
      tzinfo (~> 1.1)
    addressable (2.5.2)
      public_suffix (>= 2.0.2, < 4.0)
    aes_key_wrap (1.0.1)
    annotate (2.7.4)
      activerecord (>= 3.2, < 6.0)
      rake (>= 10.4, < 13.0)
    archive-zip (0.11.0)
      io-like (~> 0.3.0)
    arel (9.0.0)
    attr_required (1.0.1)
    babel-source (5.8.35)
    babel-transpiler (0.7.0)
      babel-source (>= 4.0, < 6)
      execjs (~> 2.0)
    bindata (2.4.3)
    bindex (0.5.0)
    bootsnap (1.3.1)
      msgpack (~> 1.0)
    builder (3.2.3)
    byebug (10.0.2)
    capybara (3.5.1)
      addressable
      mini_mime (>= 0.1.3)
      nokogiri (~> 1.8)
      rack (>= 1.6.0)
      rack-test (>= 0.6.3)
      xpath (~> 3.1)
    childprocess (0.9.0)
      ffi (~> 1.0, >= 1.0.11)
    chromedriver-helper (1.2.0)
      archive-zip (~> 0.10)
      nokogiri (~> 1.8)
    coderay (1.1.2)
    concurrent-ruby (1.0.5)
    connection_pool (2.2.2)
    crass (1.0.4)
    dotenv (0.7.0)
    erubi (1.7.1)
    execjs (2.7.0)
    ffi (1.9.25)
    foreman (0.64.0)
      dotenv (~> 0.7.0)
      thor (>= 0.13.6)
    globalid (0.4.1)
      activesupport (>= 4.2.0)
    httpclient (2.8.3)
    i18n (1.1.0)
      concurrent-ruby (~> 1.0)
    io-like (0.3.0)
    jbuilder (2.7.0)
      activesupport (>= 4.2.0)
      multi_json (>= 1.2)
    json-jwt (1.9.4)
      activesupport
      aes_key_wrap
      bindata
    listen (3.1.5)
      rb-fsevent (~> 0.9, >= 0.9.4)
      rb-inotify (~> 0.9, >= 0.9.7)
      ruby_dep (~> 1.2)
    loofah (2.2.2)
      crass (~> 1.0.2)
      nokogiri (>= 1.5.9)
    mail (2.7.0)
      mini_mime (>= 0.1.1)
    marcel (0.3.2)
      mimemagic (~> 0.3.2)
    method_source (0.9.0)
    mimemagic (0.3.2)
    mini_mime (1.0.0)
    mini_portile2 (2.3.0)
    minitest (5.11.3)
    msgpack (1.2.4)
    multi_json (1.13.1)
    mysql2 (0.5.2)
    nio4r (2.3.1)
    nokogiri (1.8.4)
      mini_portile2 (~> 2.3.0)
    openid_connect (1.1.6)
      activemodel
      attr_required (>= 1.0.0)
      json-jwt (>= 1.5.0)
      rack-oauth2 (>= 1.6.1)
      swd (>= 1.0.0)
      tzinfo
      validate_email
      validate_url
      webfinger (>= 1.0.1)
    pry (0.11.3)
      coderay (~> 1.1.0)
      method_source (~> 0.9.0)
    pry-byebug (3.6.0)
      byebug (~> 10.0)
      pry (~> 0.10)
    public_suffix (3.0.2)
    puma (3.12.0)
    rack (2.0.5)
    rack-oauth2 (1.9.2)
      activesupport
      attr_required
      httpclient
      json-jwt (>= 1.9.0)
      rack
    rack-proxy (0.6.4)
      rack
    rack-test (1.1.0)
      rack (>= 1.0, < 3)
    rails (5.2.1)
      actioncable (= 5.2.1)
      actionmailer (= 5.2.1)
      actionpack (= 5.2.1)
      actionview (= 5.2.1)
      activejob (= 5.2.1)
      activemodel (= 5.2.1)
      activerecord (= 5.2.1)
      activestorage (= 5.2.1)
      activesupport (= 5.2.1)
      bundler (>= 1.3.0)
      railties (= 5.2.1)
      sprockets-rails (>= 2.0.0)
    rails-dom-testing (2.0.3)
      activesupport (>= 4.2.0)
      nokogiri (>= 1.6)
    rails-html-sanitizer (1.0.4)
      loofah (~> 2.2, >= 2.2.2)
    railties (5.2.1)
      actionpack (= 5.2.1)
      activesupport (= 5.2.1)
      method_source
      rake (>= 0.8.7)
      thor (>= 0.19.0, < 2.0)
    rake (12.3.1)
    rb-fsevent (0.10.3)
    rb-inotify (0.9.10)
      ffi (>= 0.5.0, < 2)
    react-rails (2.4.7)
      babel-transpiler (>= 0.7.0)
      connection_pool
      execjs
      railties (>= 3.2)
      tilt
    ruby_dep (1.5.0)
    rubyzip (1.2.1)
    selenium-webdriver (3.14.0)
      childprocess (~> 0.5)
      rubyzip (~> 1.2)
    spring (2.0.2)
      activesupport (>= 4.2)
    spring-watcher-listen (2.0.1)
      listen (>= 2.7, < 4.0)
      spring (>= 1.2, < 3.0)
    sprockets (3.7.2)
      concurrent-ruby (~> 1.0)
      rack (> 1, < 3)
    sprockets-rails (3.2.1)
      actionpack (>= 4.0)
      activesupport (>= 4.0)
      sprockets (>= 3.0.0)
    swd (1.1.2)
      activesupport (>= 3)
      attr_required (>= 0.0.5)
      httpclient (>= 2.4)
    thor (0.20.0)
    thread_safe (0.3.6)
    tilt (2.0.8)
    turbolinks (5.1.1)
      turbolinks-source (~> 5.1)
    turbolinks-source (5.1.0)
    tzinfo (1.2.5)
      thread_safe (~> 0.1)
    uglifier (4.1.17)
      execjs (>= 0.3.0, < 3)
    validate_email (0.1.6)
      activemodel (>= 3.0)
      mail (>= 2.2.5)
    validate_url (1.0.2)
      activemodel (>= 3.0.0)
      addressable
    web-console (3.6.2)
      actionview (>= 5.0)
      activemodel (>= 5.0)
      bindex (>= 0.4.0)
      railties (>= 5.0)
    webfinger (1.1.0)
      activesupport
      httpclient (>= 2.4)
    webpacker (3.5.5)
      activesupport (>= 4.2)
      rack-proxy (>= 0.6.1)
      railties (>= 4.2)
    websocket-driver (0.7.0)
      websocket-extensions (>= 0.1.0)
    websocket-extensions (0.1.3)
    xpath (3.1.0)
      nokogiri (~> 1.8)

PLATFORMS
  ruby

DEPENDENCIES
  annotate
  bootsnap (>= 1.1.0)
  byebug
  capybara (>= 2.15, < 4.0)
  chromedriver-helper
  foreman
  jbuilder (~> 2.5)
  listen (>= 3.0.5, < 3.2)
  mysql2 (>= 0.3.18, < 0.6.0)
  openid_connect
  pry
  pry-byebug
  puma (~> 3.11)
  rails (~> 5.2.0)
  react-rails
  selenium-webdriver
  spring
  spring-watcher-listen (~> 2.0.0)
  turbolinks (~> 5)
  tzinfo-data
  uglifier (>= 1.3.0)
  web-console (>= 3.3.0)
  webpacker

RUBY VERSION
   ruby 2.5.1p57

BUNDLED WITH
   1.16.2
